GIT
  remote: git://github.com/defunkt/mustache.git
  revision: 7d2122224cbddc58c843b12bf6e8efa4dc3f725f
  specs:
    mustache (0.99.5)

GIT
  remote: git://github.com/tjacobs2/gollum-site.git
  revision: ef452b606924989a19963b13058bf2dd364a7ac2
  specs:
    gollum-site (0.1.12)
      directory_watcher
      gollum-lib (>= 1.0.0)
      liquid (>= 2.2.2)
      mixlib-log (>= 1.1.0)

GIT
  remote: git://github.com/tjacobs2/omniauth-github-team-member.git
  revision: cbfa11a19e8471fe7b34cc8538cbdd653ec68731
  specs:
    omniauth-github-team-member (1.0.0)
      omniauth-github

GIT
  remote: git://github.com/tjacobs2/omnigollum.git
  revision: a3b4b851c05eef2ced9c03f2e8b99a79cc671ea4
  specs:
    omnigollum (0.1.0)
      gollum
      mustache
      omniauth

GEM
  remote: https://rubygems.org/
  specs:
    charlock_holmes (0.6.9.4)
    daemons (1.1.9)
    diff-lcs (1.2.5)
    directory_watcher (1.5.1)
    eventmachine (1.0.3)
    faraday (0.9.0)
      multipart-post (>= 1.2, < 3)
    github-markdown (0.5.5)
    github-markup (0.7.5)
    gitlab-grit (2.6.0)
      charlock_holmes (~> 0.6.9)
      diff-lcs (~> 1.1)
      mime-types (~> 1.15)
      posix-spawn (~> 0.3.6)
    gollum (2.6.0)
      github-markdown (~> 0.5.5)
      gollum-lib (~> 1.0, >= 1.0.9)
      mustache (>= 0.99.4, < 1.0.0)
      sinatra (~> 1.4, >= 1.4.3)
      useragent (~> 0.8.2)
    gollum-lib (1.0.9)
      github-markup (>= 0.7.5, < 1.0.0)
      gitlab-grit (= 2.6.0)
      nokogiri (~> 1.6.0)
      pygments.rb (~> 0.5.2)
      sanitize (~> 2.0.6)
      stringex (~> 2.1.0)
    hashie (2.0.5)
    jwt (0.1.11)
      multi_json (>= 1.5)
    liquid (2.6.1)
    mime-types (1.25.1)
    mini_portile (0.5.2)
    mixlib-log (1.6.0)
    multi_json (1.8.4)
    multi_xml (0.5.5)
    multipart-post (2.0.0)
    nokogiri (1.6.1)
      mini_portile (~> 0.5.0)
    oauth2 (0.9.3)
      faraday (>= 0.8, < 0.10)
      jwt (~> 0.1.8)
      multi_json (~> 1.3)
      multi_xml (~> 0.5)
      rack (~> 1.2)
    omniauth (1.2.1)
      hashie (>= 1.2, < 3)
      rack (~> 1.0)
    omniauth-github (1.1.1)
      omniauth (~> 1.0)
      omniauth-oauth2 (~> 1.1)
    omniauth-oauth2 (1.1.2)
      faraday (>= 0.8, < 0.10)
      multi_json (~> 1.3)
      oauth2 (~> 0.9.3)
      omniauth (~> 1.2)
    posix-spawn (0.3.8)
    pygments.rb (0.5.4)
      posix-spawn (~> 0.3.6)
      yajl-ruby (~> 1.1.0)
    rack (1.5.2)
    rack-protection (1.5.2)
      rack
    sanitize (2.0.6)
      nokogiri (>= 1.4.4)
    sinatra (1.4.4)
      rack (~> 1.4)
      rack-protection (~> 1.4)
      tilt (~> 1.3, >= 1.3.4)
    stringex (2.1.2)
    thin (1.6.1)
      daemons (>= 1.0.9)
      eventmachine (>= 1.0.0)
      rack (>= 1.0.0)
    tilt (1.4.1)
    useragent (0.8.3)
    yajl-ruby (1.1.0)

PLATFORMS
  ruby

DEPENDENCIES
  gollum
  gollum-site!
  mustache!
  omniauth-github-team-member!
  omnigollum!
  rack
  thin
